GIT
  remote: git://github.com/airblade/paper_trail.git
  revision: c441a5de2d61042126bb042c3c18012fca3af32b
  branch: rails4
  specs:
    paper_trail (2.7.2)
      activerecord (~> 4.0)
      railties (~> 4.0)

GIT
  remote: git://github.com/ernie/squeel.git
  revision: 23281d5d65f0039c4774fea9dfb687537044a947
  specs:
    squeel (1.1.0)
      activerecord (>= 3.0)
      activesupport (>= 3.0)
      polyamorous (~> 0.6.0)

GIT
  remote: git://github.com/jodosha/redis-store.git
  revision: 9226b96affdd2e68a477d23bbe8d2f52a857ae6e
  specs:
    redis-actionpack (4.0.0)
      actionpack (>= 3.2.3)
      redis-rack (~> 1.4.0)
      redis-store (~> 1.1.0)
    redis-activesupport (4.0.0)
      activesupport (>= 3.2.3)
      redis-store (~> 1.1.0)
    redis-rack (1.4.2)
      rack (~> 1.4)
      redis-store (~> 1.1.0)
    redis-store (1.1.3)
      redis (>= 2.2)

GEM
  remote: https://rubygems.org/
  specs:
    actionmailer (4.0.0)
      actionpack (= 4.0.0)
      mail (~> 2.5.3)
    actionpack (4.0.0)
      activesupport (= 4.0.0)
      builder (~> 3.1.0)
      erubis (~> 2.7.0)
      rack (~> 1.5.2)
      rack-test (~> 0.6.2)
    active_model_serializers (0.8.1)
      activemodel (>= 3.0)
    activemodel (4.0.0)
      activesupport (= 4.0.0)
      builder (~> 3.1.0)
    activerecord (4.0.0)
      activemodel (= 4.0.0)
      activerecord-deprecated_finders (~> 1.0.2)
      activesupport (= 4.0.0)
      arel (~> 4.0.0)
    activerecord-deprecated_finders (1.0.3)
    activesupport (4.0.0)
      i18n (~> 0.6, >= 0.6.4)
      minitest (~> 4.2)
      multi_json (~> 1.3)
      thread_safe (~> 0.1)
      tzinfo (~> 0.3.37)
    addressable (2.3.5)
    annotate (2.5.0)
      rake
    ansi (1.4.3)
    arel (4.0.0)
    asset_sync (1.0.0)
      activemodel
      fog (>= 1.8.0)
    atomic (1.1.10)
    awesome_print (1.1.0)
    bcrypt-ruby (3.1.1)
    bootstrap-sass (2.3.2.1)
      sass (~> 3.2)
    builder (3.1.4)
    cane (2.6.0)
      parallel
    carrierwave (0.9.0)
      activemodel (>= 3.2.0)
      activesupport (>= 3.2.0)
      json (>= 1.7)
    chartkick (1.2.0)
    childprocess (0.3.9)
      ffi (~> 1.0, >= 1.0.11)
    code_analyzer (0.3.2)
      sexp_processor
    coderay (1.0.9)
    coffee-rails (4.0.0)
      coffee-script (>= 2.2.0)
      railties (>= 4.0.0.beta, < 5.0)
    coffee-script (2.2.0)
      coffee-script-source
      execjs
    coffee-script-source (1.6.3)
    colored (1.2)
    devise (3.0.0)
      bcrypt-ruby (~> 3.0)
      orm_adapter (~> 0.1)
      railties (>= 3.2.6, < 5)
      warden (~> 1.2.3)
    diff-lcs (1.2.4)
    dotenv (0.8.0)
    draper (1.2.1)
      actionpack (>= 3.0)
      activesupport (>= 3.0)
      request_store (~> 1.0.3)
    email_spy (1.6.0)
      launchy
    erubis (2.7.0)
    excon (0.25.3)
    execjs (1.4.0)
      multi_json (~> 1.0)
    ffi (1.9.0)
    figaro (0.7.0)
      bundler (~> 1.0)
      rails (>= 3, < 5)
    filepicker-rails (0.1)
      multi_json (~> 1.6)
      railties (>= 3.1.0, < 5.0)
    flog (4.1.1)
      ruby_parser (~> 3.1, > 3.1.0)
      sexp_processor (~> 4.0)
    fog (1.14.0)
      builder
      excon (~> 0.25.0)
      formatador (~> 0.2.0)
      mime-types
      multi_json (~> 1.0)
      net-scp (~> 1.1)
      net-ssh (>= 2.1.3)
      nokogiri (~> 1.5)
      ruby-hmac
    font-awesome-rails (3.2.1.2)
      railties (>= 3.2, < 5.0)
    foreman (0.63.0)
      dotenv (>= 0.7)
      thor (>= 0.13.6)
    formatador (0.2.4)
    groupdate (1.0.4)
      activerecord (>= 3.0.0)
    guard (1.8.1)
      formatador (>= 0.2.4)
      listen (>= 1.0.0)
      lumberjack (>= 1.0.2)
      pry (>= 0.9.10)
      thor (>= 0.14.6)
    guard-rspec (3.0.2)
      guard (>= 1.8)
      rspec (~> 2.13)
    guard-spork (1.5.1)
      childprocess (>= 0.2.3)
      guard (>= 1.1)
      spork (>= 0.8.4)
    gutentag (0.2.2)
      activerecord (>= 3.2.0)
    hashie (2.0.5)
    hashr (0.0.22)
    hike (1.2.3)
    hiredis (0.4.5)
    honeybadger (1.7.0)
      json
    hooks (0.3.1)
    i18n (0.6.4)
    jquery-rails (3.0.4)
      railties (>= 3.0, < 5.0)
      thor (>= 0.14, < 2.0)
    json (1.8.0)
    kaminari (0.14.1)
      actionpack (>= 3.0.0)
      activesupport (>= 3.0.0)
    kaminari-bootstrap (0.1.3)
      kaminari (>= 0.13.0)
      rails
    kgio (2.8.0)
    launchy (2.3.0)
      addressable (~> 2.3)
    listen (1.2.2)
      rb-fsevent (>= 0.9.3)
      rb-inotify (>= 0.9)
      rb-kqueue (>= 0.2)
    lumberjack (1.0.4)
    mail (2.5.4)
      mime-types (~> 1.16)
      treetop (~> 1.4.8)
    method_source (0.8.2)
    mime-types (1.23)
    mini_portile (0.5.1)
    minitest (4.7.5)
    multi_json (1.7.7)
    nested_form (0.3.2)
    net-scp (1.1.2)
      net-ssh (>= 2.6.5)
    net-ssh (2.6.8)
    nokogiri (1.6.0)
      mini_portile (~> 0.5.0)
    oj (2.1.4)
    omniauth (1.1.4)
      hashie (>= 1.2, < 3)
      rack
    orm_adapter (0.4.0)
    parallel (0.7.1)
    pg (0.16.0)
    polyamorous (0.6.3)
      activerecord (>= 3.0)
    polyglot (0.3.3)
    pry (0.9.12.2)
      coderay (~> 1.0.5)
      method_source (~> 0.8)
      slop (~> 3.4)
    pry-rails (0.3.2)
      pry (>= 0.9.10)
    quiet_assets (1.0.2)
      railties (>= 3.1, < 5.0)
    rack (1.5.2)
    rack-test (0.6.2)
      rack (>= 1.0)
    rails (4.0.0)
      actionmailer (= 4.0.0)
      actionpack (= 4.0.0)
      activerecord (= 4.0.0)
      activesupport (= 4.0.0)
      bundler (>= 1.3.0, < 2.0)
      railties (= 4.0.0)
      sprockets-rails (~> 2.0.0)
    rails_12factor (0.0.2)
      rails_serve_static_assets
      rails_stdout_logging
    rails_best_practices (1.14.0)
      activesupport
      awesome_print
      code_analyzer
      colored
      erubis
      i18n
      require_all
      ruby-progressbar
    rails_serve_static_assets (0.0.1)
    rails_stdout_logging (0.0.1)
    railties (4.0.0)
      actionpack (= 4.0.0)
      activesupport (= 4.0.0)
      rake (>= 0.8.7)
      thor (>= 0.18.1, < 2.0)
    raindrops (0.11.0)
    rake (10.1.0)
    rb-fsevent (0.9.3)
    rb-inotify (0.9.0)
      ffi (>= 0.5.0)
    rb-kqueue (0.2.0)
      ffi (>= 0.5.0)
    recommendable (2.1.1)
      activesupport (>= 3.0.0)
      hooks (>= 0.2.1)
      redis (>= 2.2.0)
    redcarpet (3.0.0)
    redis (3.0.4)
    reek (1.3.1)
      ruby2ruby (~> 2.0.2)
      ruby_parser (~> 3.1.1)
      sexp_processor
    request_store (1.0.5)
    require_all (1.2.1)
    rest-client (1.6.7)
      mime-types (>= 1.16)
    rspec (2.14.1)
      rspec-core (~> 2.14.0)
      rspec-expectations (~> 2.14.0)
      rspec-mocks (~> 2.14.0)
    rspec-core (2.14.4)
    rspec-expectations (2.14.0)
      diff-lcs (>= 1.1.3, < 2.0)
    rspec-mocks (2.14.1)
    rspec-rails (2.14.0)
      actionpack (>= 3.0)
      activesupport (>= 3.0)
      railties (>= 3.0)
      rspec-core (~> 2.14.0)
      rspec-expectations (~> 2.14.0)
      rspec-mocks (~> 2.14.0)
    ruby-hmac (0.4.0)
    ruby-prof (0.13.0)
    ruby-progressbar (1.1.1)
    ruby2ruby (2.0.6)
      ruby_parser (~> 3.1)
      sexp_processor (~> 4.0)
    ruby_parser (3.1.3)
      sexp_processor (~> 4.1)
    sass (3.2.10)
    sass-rails (4.0.0)
      railties (>= 4.0.0.beta, < 5.0)
      sass (>= 3.1.10)
      sprockets-rails (~> 2.0.0)
    sexp_processor (4.2.1)
    simple_form (3.0.0.rc)
      actionpack (>= 4.0.0.rc1, < 4.1)
      activemodel (>= 4.0.0.rc1, < 4.1)
    slop (3.4.6)
    spork (0.9.2)
    sprockets (2.10.0)
      hike (~> 1.2)
      multi_json (~> 1.0)
      rack (~> 1.0)
      tilt (~> 1.1, != 1.3.0)
    sprockets-rails (2.0.0)
      actionpack (>= 3.0)
      activesupport (>= 3.0)
      sprockets (~> 2.8)
    thor (0.18.1)
    thread_safe (0.1.2)
      atomic
    tilt (1.4.1)
    tire (0.6.0)
      activemodel (>= 3.0)
      activesupport
      ansi
      hashr (~> 0.0.19)
      multi_json (~> 1.3)
      rake
      rest-client (~> 1.6)
    treetop (1.4.14)
      polyglot
      polyglot (>= 0.3.1)
    tzinfo (0.3.37)
    uglifier (2.1.2)
      execjs (>= 0.3.0)
      multi_json (~> 1.0, >= 1.0.2)
    unicorn (4.6.3)
      kgio (~> 2.6)
      rack
      raindrops (~> 0.7)
    vendorer (0.1.14)
    warden (1.2.3)
      rack (>= 1.0)
    yui-compressor (0.11.0)

PLATFORMS
  ruby

DEPENDENCIES
  active_model_serializers (~> 0.7)
  annotate (~> 2.5)
  asset_sync (~> 1.0)
  bootstrap-sass (~> 2.3)
  cane (~> 2.5)
  carrierwave (~> 0.6)
  chartkick (~> 1.0)
  coffee-rails (~> 4.0)
  devise (~> 3.0)
  draper (~> 1.1)
  email_spy (~> 1.0)
  figaro (~> 0.6)
  filepicker-rails (~> 0.0)
  flog (~> 4.1)
  font-awesome-rails (~> 3.0)
  foreman (~> 0.53)
  groupdate (~> 1.0)
  guard (~> 1.8)
  guard-rspec (~> 3.0)
  guard-spork (~> 1.5)
  gutentag (~> 0.2)
  hiredis (~> 0.4)
  honeybadger (~> 1.6)
  jquery-rails (~> 3.0)
  kaminari (~> 0.14)
  kaminari-bootstrap (~> 0.1)
  nested_form (~> 0.3)
  oj (~> 2.0)
  omniauth (~> 1.1)
  paper_trail!
  pg (~> 0.14)
  pry-rails (~> 0.1)
  quiet_assets (~> 1.0)
  rails (~> 4.0.0)
  rails_12factor (~> 0.0.2)
  rails_best_practices (~> 1.0)
  recommendable (~> 2.1)
  redcarpet (~> 3.0)
  redis (~> 3.0)
  redis-actionpack!
  redis-activesupport!
  redis-rack!
  redis-store!
  reek (~> 1.2)
  rspec-rails (~> 2.14)
  ruby-prof (~> 0.11)
  sass-rails (~> 4.0.0.rc1)
  simple_form (~> 3.0.0.rc)
  spork (~> 0.9)
  squeel!
  tire (~> 0.6)
  uglifier (~> 2.1)
  unicorn (~> 4.0)
  vendorer (~> 0.1)
  yui-compressor (~> 0.9)
